PATH
  remote: .
  specs:
    rspec_tap_formatter (0.5.0)
      rspec-core (~> 3.7.1)

GEM
  remote: https://rubygems.org/
  specs:
    minitest (5.11.3)
    rake (10.5.0)
    rspec-core (3.7.1)
      rspec-support (~> 3.7.0)
    rspec-support (3.7.1)

PLATFORMS
  ruby

DEPENDENCIES
  bundler (~> 1.16)
  minitest (~> 5.0)
  rake (~> 10.0)
  rspec_tap_formatter!

BUNDLED WITH
   1.16.2
